GIT
  remote: git://github.com/ging/mailboxer.git
  revision: 979b1fadbbc1fc73c3bcf633ee58e261cd8d5671
  specs:
    mailboxer (0.11.0)
      carrierwave (>= 0.5.8)
      foreigner (>= 0.9.1)
      rails (> 3.0.0)

GIT
  remote: git://github.com/jay3126/fat_free_crm_rails_4.git
  revision: ce6b9ae33ebaee1a2f52987a26b09e0162a745ab
  specs:
    fat_free_crm (0.13.2)
      acts-as-taggable-on (~> 3.0.1)
      acts_as_commentable (~> 4.0.1)
      acts_as_list (~> 0.1.4)
      authlogic (~> 3.4.0)
      cancan
      cocaine
      dynamic_form
      email_reply_parser_ffcrm
      ffaker (>= 1.12.0)
      font-awesome-rails
      haml (~> 4.0.5)
      i18n (~> 0.6.9)
      jquery-rails
      nokogiri
      paper_trail (~> 3.0.0)
      paperclip
      premailer
      protected_attributes (~> 1.0.5)
      rails (~> 4.0.3)
      rails-i18n (~> 4.0.1)
      rails-observers
      rails3-jquery-autocomplete
      ransack_ui (>= 1.1.0)
      responds_to_parent (>= 1.1.0)
      sass (~> 3)
      scrypt
      select2-rails
      simple_form (~> 3.0.1)
      thor
      will_paginate

GIT
  remote: git://github.com/jay3126/i18n-custom.git
  revision: ac81e773a9e5309a49fa1f90eab5c1f8ca4deab9
  specs:
    i18n (0.6.9)

GIT
  remote: git://github.com/jay3126/rails-messaging-rails-4.git
  revision: c5da52394b1bab48005262cca8949ee58c779d62
  specs:
    messaging (0.0.1)
      carrierwave
      devise
      haml
      jquery-rails
      rails (>= 4.0.0)
      simple_form
      sunspot_rails

GIT
  remote: git://github.com/jay3126/railties-4.0.3.git
  revision: a8d30bff57598036b1c3ee1af6047e5c6cbc187e
  specs:

GIT
  remote: git://github.com/jay3126/refinerycms-i18n-custom.git
  revision: 9dcdbe323dc9ef35ae90b413d3c7eb3c2e426e9a
  specs:
    refinerycms-i18n (3.0.0.dev)
      rails-i18n (~> 4.0.1)
      routing-filter (>= 0.4.0.dev)

GIT
  remote: git://github.com/refinery/refinerycms.git
  revision: be9be68b27f8057aff690a518ab70942baa4cef5
  branch: master
  specs:
    refinerycms (3.0.0.dev)
      bundler (>= 1.2.2, < 2.0)
      refinerycms-authentication (= 3.0.0.dev)
      refinerycms-core (= 3.0.0.dev)
      refinerycms-dashboard (= 3.0.0.dev)
      refinerycms-images (= 3.0.0.dev)
      refinerycms-pages (= 3.0.0.dev)
      refinerycms-resources (= 3.0.0.dev)
    refinerycms-authentication (3.0.0.dev)
      actionmailer (>= 3.1.11, < 4.1)
      devise (~> 3.0.2)
      friendly_id (>= 5.0.0.rc1)
      refinerycms-core (= 3.0.0.dev)
    refinerycms-core (3.0.0.dev)
      actionpack (>= 3.1.11, < 4.1)
      activerecord (>= 3.1.11, < 4.1)
      awesome_nested_set (~> 3.0.0.rc.1)
      coffee-rails (~> 4.0.0)
      decorators (~> 1.0.0)
      jquery-rails (>= 2.3.0)
      jquery-ui-rails (~> 4.0.0)
      railties (>= 3.1.11, < 4.1)
      refinerycms-i18n (~> 3.0.0.dev)
      sass-rails (~> 4.0.0)
      truncate_html (~> 0.9)
      will_paginate (~> 3.0.2)
    refinerycms-dashboard (3.0.0.dev)
      refinerycms-core (= 3.0.0.dev)
    refinerycms-images (3.0.0.dev)
      dragonfly (~> 1.0.0)
      dragonfly-s3_data_store (~> 1.0.0)
      refinerycms-core (= 3.0.0.dev)
    refinerycms-pages (3.0.0.dev)
      awesome_nested_set (~> 3.0.0.rc.1)
      babosa (!= 0.3.6)
      friendly_id (~> 5.0.1)
      globalize (~> 4.0.0)
      refinerycms-core (= 3.0.0.dev)
      seo_meta (~> 2.0.0.rc.1)
    refinerycms-resources (3.0.0.dev)
      acts_as_indexed (~> 0.8.0)
      dragonfly (~> 1.0.0)
      dragonfly-s3_data_store (~> 1.0.0)
      refinerycms-core (= 3.0.0.dev)

GEM
  remote: https://rubygems.org/
  specs:
    actionmailer (4.0.3)
      actionpack (= 4.0.3)
      mail (~> 2.5.4)
    actionpack (4.0.3)
      activesupport (= 4.0.3)
      builder (~> 3.1.0)
      erubis (~> 2.7.0)
      rack (~> 1.5.2)
      rack-test (~> 0.6.2)
    activemodel (4.0.3)
      activesupport (= 4.0.3)
      builder (~> 3.1.0)
    activerecord (4.0.3)
      activemodel (= 4.0.3)
      activerecord-deprecated_finders (~> 1.0.2)
      activesupport (= 4.0.3)
      arel (~> 4.0.0)
    activerecord-deprecated_finders (1.0.3)
    activesupport (4.0.3)
      i18n (~> 0.6, >= 0.6.4)
      minitest (~> 4.2)
      multi_json (~> 1.3)
      thread_safe (~> 0.1)
      tzinfo (~> 0.3.37)
    acts-as-messageable (0.4.9)
      activerecord (>= 3.0.0)
      activesupport (>= 3.0.0)
      ancestry (>= 1.3.0)
      railties (>= 3.0.0)
    acts-as-taggable-on (3.0.2)
      rails (>= 3, < 5)
    acts_as_commentable (4.0.1)
    acts_as_indexed (0.8.3)
    acts_as_list (0.1.9)
    addressable (2.3.5)
    ancestry (2.0.0)
      activerecord (>= 3.0.0)
    arel (4.0.2)
    atomic (1.1.15)
    authlogic (3.4.0)
      activerecord (>= 3.2)
      activesupport (>= 3.2)
      request_store (~> 1.0.5)
    awesome_nested_set (3.0.0.rc.3)
      activerecord (>= 4.0.0, < 5)
    babosa (0.3.11)
    bcrypt (3.1.7)
    bcrypt-ruby (3.1.5)
      bcrypt (>= 3.1.3)
    builder (3.1.4)
    cancan (1.6.10)
    carrierwave (0.10.0)
      activemodel (>= 3.2.0)
      activesupport (>= 3.2.0)
      json (>= 1.7)
      mime-types (>= 1.16)
    chronic (0.10.2)
    climate_control (0.0.3)
      activesupport (>= 3.0)
    cocaine (0.5.3)
      climate_control (>= 0.0.3, < 1.0)
    coffee-rails (4.0.1)
      coffee-script (>= 2.2.0)
      railties (>= 4.0.0, < 5.0)
    coffee-script (2.2.0)
      coffee-script-source
      execjs
    coffee-script-source (1.7.0)
    columnize (0.3.6)
    commonjs (0.2.7)
    cookiejar (0.3.1)
    css_parser (1.3.5)
      addressable
    daemons (1.1.9)
    debugger (1.6.5)
      columnize (>= 0.3.1)
      debugger-linecache (~> 1.2.0)
      debugger-ruby_core_source (~> 1.3.1)
    debugger-linecache (1.2.0)
    debugger-ruby_core_source (1.3.1)
    decorators (1.0.3)
      railties (>= 3.0.19, != 3.2.9, != 3.2.8, != 3.2.7, != 3.2.6, != 3.2.5, != 3.2.4, != 3.2.3, != 3.2.2, != 3.2.10, != 3.2.1, != 3.2.0, != 3.1.9, != 3.1.8, != 3.1.7, != 3.1.6, != 3.1.5, != 3.1.4, != 3.1.3, != 3.1.2, != 3.1.1, != 3.1.0)
    devise (3.0.4)
      bcrypt-ruby (~> 3.0)
      orm_adapter (~> 0.1)
      railties (>= 3.2.6, < 5)
      warden (~> 1.2.3)
    dragonfly (1.0.3)
      multi_json (~> 1.0)
      rack
    dragonfly-s3_data_store (1.0.3)
      dragonfly (~> 1.0)
      fog
    dynamic_form (1.1.4)
    em-http-request (1.1.2)
      addressable (>= 2.3.4)
      cookiejar
      em-socksify (>= 0.3)
      eventmachine (>= 1.0.3)
      http_parser.rb (>= 0.6.0)
    em-socksify (0.3.0)
      eventmachine (>= 1.0.0.beta.4)
    em-synchrony (1.0.3)
      eventmachine (>= 1.0.0.beta.1)
    email_reply_parser_ffcrm (0.5.0)
    erubis (2.7.0)
    eventmachine (1.0.3)
    excon (0.31.0)
    execjs (2.0.2)
    faye (1.0.1)
      cookiejar (>= 0.3.0)
      em-http-request (>= 0.3.0)
      eventmachine (>= 0.12.0)
      faye-websocket (>= 0.7.0)
      multi_json (>= 1.0.0)
      rack (>= 1.0.0)
      websocket-driver (>= 0.3.0)
    faye-websocket (0.7.2)
      eventmachine (>= 0.12.0)
      websocket-driver (>= 0.3.1)
    ffaker (1.23.0)
    ffi (1.9.3)
    ffi-compiler (0.1.3)
      ffi (>= 1.0.0)
      rake
    fog (1.20.0)
      builder
      excon (~> 0.31.0)
      formatador (~> 0.2.0)
      mime-types
      multi_json (~> 1.0)
      net-scp (~> 1.1)
      net-ssh (>= 2.1.3)
      nokogiri (>= 1.5.11)
    font-awesome-rails (4.0.3.1)
      railties (>= 3.2, < 5.0)
    foreigner (1.6.1)
      activerecord (>= 3.0.0)
    formatador (0.2.4)
    friendly_id (5.0.3)
      activerecord (>= 4.0.0)
    globalize (4.0.0)
      activemodel (>= 4.0.0, < 5)
      activerecord (>= 4.0.0, < 5)
    haml (4.0.5)
      tilt
    hike (1.2.3)
    hiredis (0.4.5)
    htmlentities (4.3.1)
    http_parser.rb (0.6.0)
    jbuilder (1.5.3)
      activesupport (>= 3.0.0)
      multi_json (>= 1.2.0)
    jquery-rails (3.1.0)
      railties (>= 3.0, < 5.0)
      thor (>= 0.14, < 2.0)
    jquery-ui-rails (4.0.5)
      railties (>= 3.1.0)
    json (1.8.1)
    less (2.4.0)
      commonjs (~> 0.2.7)
    less-rails (2.4.2)
      actionpack (>= 3.1)
      less (~> 2.4.0)
    libv8 (3.16.14.3)
    mail (2.5.4)
      mime-types (~> 1.16)
      treetop (~> 1.4.8)
    mime-types (1.25.1)
    mini_portile (0.5.2)
    minitest (4.7.5)
    multi_json (1.9.0)
    mysql2 (0.3.15)
    net-scp (1.1.2)
      net-ssh (>= 2.6.5)
    net-ssh (2.8.0)
    nokogiri (1.6.1)
      mini_portile (~> 0.5.0)
    orm_adapter (0.5.0)
    paper_trail (3.0.0)
      activerecord (>= 3.0, < 5.0)
      activesupport (>= 3.0, < 5.0)
    paperclip (4.1.1)
      activemodel (>= 3.0.0)
      activesupport (>= 3.0.0)
      cocaine (~> 0.5.3)
      mime-types
    polyamorous (0.6.4)
      activerecord (>= 3.0)
    polyglot (0.3.4)
    pr_geohash (1.0.0)
    premailer (1.8.1)
      css_parser (>= 1.3.5)
      htmlentities (>= 4.0.0)
    private_pub (1.0.3)
      faye
    protected_attributes (1.0.7)
      activemodel (>= 4.0.1, < 5.0)
    rack (1.5.2)
    rack-test (0.6.2)
      rack (>= 1.0)
    rails (4.0.3)
      actionmailer (= 4.0.3)
      actionpack (= 4.0.3)
      activerecord (= 4.0.3)
      activesupport (= 4.0.3)
      bundler (>= 1.3.0, < 2.0)
      railties (= 4.0.3)
      sprockets-rails (~> 2.0.0)
    rails-i18n (4.0.1)
      i18n (~> 0.6)
      rails (~> 4.0)
    rails-observers (0.1.2)
      activemodel (~> 4.0)
    rails3-jquery-autocomplete (1.0.12)
      rails (>= 3.0)
    railties (4.0.3)
      actionpack (= 4.0.3)
      activesupport (= 4.0.3)
      rake (>= 0.8.7)
      thor (>= 0.18.1, < 2.0)
    rake (10.1.1)
    ransack (1.1.0)
      actionpack (>= 3.0)
      activerecord (>= 3.0)
      polyamorous (~> 0.6.0)
    ransack_chronic (1.1.0)
      chronic (>= 0.6.7)
    ransack_ui (1.2.2)
      ransack
      ransack_chronic (>= 1.1.0)
    rdoc (4.1.1)
      json (~> 1.4)
    redis (3.0.7)
    ref (1.0.5)
    request_store (1.0.5)
    responds_to_parent (1.1.0)
    routing-filter (0.4.0.pre)
      actionpack
    rsolr (1.0.9)
      builder (>= 2.1.2)
    sass (3.2.14)
    sass-rails (4.0.1)
      railties (>= 4.0.0, < 5.0)
      sass (>= 3.1.10)
      sprockets-rails (~> 2.0.0)
    scrypt (1.2.1)
      ffi-compiler (>= 0.0.2)
      rake
    sdoc (0.4.0)
      json (~> 1.8)
      rdoc (~> 4.0, < 5.0)
    select2-rails (3.5.4)
      thor (~> 0.14)
    seo_meta (2.0.0.rc.1)
      railties (>= 3.0.0)
    simple_form (3.0.1)
      actionpack (>= 4.0.0, < 4.1)
      activemodel (>= 4.0.0, < 4.1)
    sprockets (2.12.0)
      hike (~> 1.2)
      multi_json (~> 1.0)
      rack (~> 1.0)
      tilt (~> 1.1, != 1.3.0)
    sprockets-rails (2.0.1)
      actionpack (>= 3.0)
      activesupport (>= 3.0)
      sprockets (~> 2.8)
    sunspot (2.1.0)
      pr_geohash (~> 1.0)
      rsolr (~> 1.0.7)
    sunspot_rails (2.1.0)
      nokogiri
      rails (>= 3)
      sunspot (= 2.1.0)
    sunspot_solr (2.1.0)
    therubyracer (0.12.1)
      libv8 (~> 3.16.14.0)
      ref
    thin (1.6.2)
      daemons (>= 1.0.9)
      eventmachine (>= 1.0.0)
      rack (>= 1.0.0)
    thor (0.18.1)
    thread_safe (0.2.0)
      atomic (>= 1.1.7, < 2)
    tilt (1.4.1)
    treetop (1.4.15)
      polyglot
      polyglot (>= 0.3.1)
    truncate_html (0.9.2)
    turbolinks (2.2.1)
      coffee-rails
    twitter-bootstrap-rails (2.2.8)
      actionpack (>= 3.1)
      execjs
      rails (>= 3.1)
      railties (>= 3.1)
    tzinfo (0.3.39)
    uglifier (2.4.0)
      execjs (>= 0.3.0)
      json (>= 1.8.0)
    warden (1.2.3)
      rack (>= 1.0)
    websocket-driver (0.3.2)
    websocket-rails (0.6.2)
      em-synchrony
      faye-websocket
      hiredis
      rack
      rails
      redis
      thin
    will_paginate (3.0.5)

PLATFORMS
  ruby

DEPENDENCIES
  acts-as-messageable
  coffee-rails (~> 4.0.0)
  debugger
  execjs
  fat_free_crm!
  i18n!
  jbuilder (~> 1.2)
  jquery-rails
  less-rails
  mailboxer!
  messaging!
  mysql2
  private_pub
  protected_attributes (~> 1.0.5)
  rails (= 4.0.3)
  rails-observers
  railties!
  refinerycms!
  refinerycms-i18n!
  sass-rails (~> 4.0.0)
  sdoc
  sunspot_solr
  therubyracer
  thin
  turbolinks
  twitter-bootstrap-rails
  uglifier (>= 1.3.0)
  websocket-rails
